GEM
  remote: https://rubygems.org/
  specs:
    json (2.3.0)
    minitest (5.14.1)

PLATFORMS
  ruby

DEPENDENCIES
  json (= 2.3.0)
  minitest (= 5.14.1)

BUNDLED WITH
   1.17.2
