GEM
  remote: https://rubygems.org/
  specs:
    childprocess (3.0.0)
    json (2.3.0)
    minitest (5.14.1)
    rubyzip (2.3.0)
    selenium-webdriver (3.142.7)
      childprocess (>= 0.5, < 4.0)
      rubyzip (>= 1.2.2)

PLATFORMS
  ruby

DEPENDENCIES
  json (= 2.3.0)
  minitest (= 5.14.1)
  selenium-webdriver (= 3.142.7)

BUNDLED WITH
   1.17.2
